GEM
  remote: https://rubygems.org/
  specs:
    gemoji (3.0.1)

PLATFORMS
  x86_64-darwin-20
  x86_64-darwin-21

DEPENDENCIES
  gemoji

BUNDLED WITH
   2.3.5
